GEM
  remote: https://rubygems.org/
  specs:
    eventmachine (1.2.7)
    gosu (1.4.3)

PLATFORMS
  x64-mingw-ucrt

DEPENDENCIES
  eventmachine
  gosu

BUNDLED WITH
   2.3.7
